GIT
  remote: git://github.com/ArtZlab/codebreaker.git
  revision: 42056b1e4c6c5d5b4ece987d5bbe5a034f265cfc
  specs:
    codebreaker (0.1.0)

GEM
  remote: https://rubygems.org/
  specs:
    diff-lcs (1.2.5)
    rack (1.6.1)
    rspec (3.2.0)
      rspec-core (~> 3.2.0)
      rspec-expectations (~> 3.2.0)
      rspec-mocks (~> 3.2.0)
    rspec-core (3.2.3)
      rspec-support (~> 3.2.0)
    rspec-expectations (3.2.1)
      diff-lcs (>= 1.2.0, < 2.0)
      rspec-support (~> 3.2.0)
    rspec-mocks (3.2.1)
      diff-lcs (>= 1.2.0, < 2.0)
      rspec-support (~> 3.2.0)
    rspec-support (3.2.2)
    shotgun (0.9.1)
      rack (>= 1.0)

PLATFORMS
  ruby

DEPENDENCIES
  codebreaker!
  rack
  rspec
  shotgun

BUNDLED WITH
   1.10.2
